GEM
  remote: http://rubygems.org/
  specs:
    activemodel (3.0.0)
      activesupport (= 3.0.0)
      builder (~> 2.1.2)
      i18n (~> 0.4.1)
    activesupport (3.0.0)
    builder (2.1.2)
    gemcutter (0.6.1)
    git (1.2.5)
    i18n (0.4.1)
    jeweler (1.4.0)
      gemcutter (>= 0.1.0)
      git (>= 1.2.5)
      rubyforge (>= 2.0.0)
    json (1.4.6)
    json_pure (1.4.6)
    mime-types (1.16)
    rake (0.8.7)
    rest-client (1.6.1)
      mime-types (>= 1.16)
    rubyforge (2.0.4)
      json_pure (>= 1.1.7)
    shoulda (2.11.3)
    timecop (0.3.5)
    will_paginate (3.0.pre2)

PLATFORMS
  ruby

DEPENDENCIES
  activemodel (~> 3.0.0)
  activesupport (~> 3.0.0)
  jeweler
  json
  rake
  rest-client
  shoulda
  timecop
  will_paginate
